GEM
  remote: https://rubygems.org/
  specs:
    minitest (5.6.1)
    mrspec (0.1.0)
      minitest (~> 5.0)
      rspec-core (~> 3.0)
    rspec-core (3.2.3)
      rspec-support (~> 3.2.0)
    rspec-support (3.2.2)

PLATFORMS
  ruby

DEPENDENCIES
  mrspec
